GEM
  remote: https://rubygems.org/
  specs:
    coderay (1.1.3)
    fluent-logger (0.9.0)
      msgpack (>= 1.0.0, < 2)
    method_source (1.0.0)
    msgpack (1.7.2)
    pry (0.14.2)
      coderay (~> 1.1)
      method_source (~> 1.0)

PLATFORMS
  x86_64-linux

DEPENDENCIES
  fluent-logger
  pry

BUNDLED WITH
   2.4.19
